GEM
  remote: https://rubygems.org/
  specs:
    activesupport (3.2.12)
      i18n (~> 0.6)
      multi_json (~> 1.0)
    addressable (2.3.5)
    backports (2.6.7)
    builder (3.2.0)
    cookiejar (0.3.2)
    descendants_tracker (0.0.1)
    em-http-request (1.1.2)
      addressable (>= 2.3.4)
      cookiejar
      em-socksify (>= 0.3)
      eventmachine (>= 1.0.3)
      http_parser.rb (>= 0.6.0)
    em-socksify (0.3.0)
      eventmachine (>= 1.0.0.beta.4)
    em-stathat (0.1.0)
      em-http-request (~> 1.0)
    eventmachine (1.0.3)
    faraday (0.8.6)
      multipart-post (~> 1.1)
    foreman (0.62.0)
      thor (>= 0.13.6)
    format (0.1.0)
    grape (0.4.0)
      activesupport
      builder
      hashie (>= 1.2.0)
      multi_json (>= 1.3.2)
      multi_xml (>= 0.5.2)
      rack (>= 1.3.0)
      rack-accept
      rack-mount
      virtus
    hashie (2.0.3)
    http_parser.rb (0.6.0)
    i18n (0.6.4)
    multi_json (1.7.0)
    multi_xml (0.5.3)
    multipart-post (1.2.0)
    puma (1.6.3)
      rack (~> 1.2)
    rack (1.5.2)
    rack-accept (0.4.5)
      rack (>= 0.4)
    rack-mount (0.8.3)
      rack (>= 1.0.0)
    shotgun (0.9)
      rack (>= 1.0)
    thor (0.17.0)
    virtus (0.5.4)
      backports (~> 2.6.1)
      descendants_tracker (~> 0.0.1)

PLATFORMS
  ruby

DEPENDENCIES
  activesupport
  em-stathat
  faraday
  foreman
  format
  grape
  puma
  shotgun
